PATH
  remote: .
  specs:
    rginger (0.1.5)
      optimist
      rainbow

GEM
  remote: https://rubygems.org/
  specs:
    optimist (3.0.0)
    rainbow (3.0.0)
    rake (12.3.2)

PLATFORMS
  ruby

DEPENDENCIES
  bundler
  rake
  rginger!

BUNDLED WITH
   1.17.2
